GEM
  remote: http://rubygems.org/
  specs:
    activemodel (3.2.8)
      activesupport (= 3.2.8)
      builder (~> 3.0.0)
    activeresource (3.2.8)
      activemodel (= 3.2.8)
      activesupport (= 3.2.8)
    activesupport (3.2.8)
      i18n (~> 0.6)
      multi_json (~> 1.0)
    builder (3.0.0)
    daemons (1.1.9)
    eventmachine (1.0.0)
    faraday (0.8.4)
      multipart-post (~> 1.1)
    gmail (0.4.0)
      gmail_xoauth (>= 0.3.0)
      mail (>= 2.2.1)
      mime (>= 0.1)
    gmail_xoauth (0.4.1)
      oauth (>= 0.3.6)
    google_drive (0.3.1)
      nokogiri (>= 1.4.4, != 1.5.2, != 1.5.1)
      oauth (>= 0.3.6)
      oauth2 (>= 0.5.0)
    httparty (0.9.0)
      multi_json (~> 1.0)
      multi_xml
    httpauth (0.1)
    i18n (0.6.1)
    jwt (0.1.5)
      multi_json (>= 1.0)
    mail (2.4.4)
      i18n (>= 0.4.0)
      mime-types (~> 1.16)
      treetop (~> 1.4.8)
    mime (0.1)
    mime-types (1.19)
    multi_json (1.3.6)
    multi_xml (0.5.1)
    multipart-post (1.1.5)
    nokogiri (1.5.5)
    oauth (0.4.7)
    oauth2 (0.8.0)
      faraday (~> 0.8)
      httpauth (~> 0.1)
      jwt (~> 0.1.4)
      multi_json (~> 1.0)
      rack (~> 1.2)
    polyglot (0.3.3)
    rack (1.4.1)
    rack-flash (0.1.2)
      rack
    rack-protection (1.2.0)
      rack
    shopify_api (3.0.1)
      activeresource (>= 3.0.0)
      thor (>= 0.14.4)
    sinatra (1.3.3)
      rack (~> 1.3, >= 1.3.6)
      rack-protection (~> 1.2)
      tilt (~> 1.3, >= 1.3.3)
    sinatra-redirect-with-flash (0.2.0)
      sinatra (>= 1.0.0)
    thin (1.4.1)
      daemons (>= 1.0.9)
      eventmachine (>= 0.12.6)
      rack (>= 1.0.0)
    thor (0.16.0)
    tilt (1.3.3)
    treetop (1.4.10)
      polyglot
      polyglot (>= 0.3.1)

PLATFORMS
  ruby

DEPENDENCIES
  bundler
  gmail
  google_drive
  httparty
  rack-flash
  shopify_api
  sinatra
  sinatra-redirect-with-flash
  thin
